GEM
  remote: https://rubygems.org/
  specs:
    aws-eventstream (1.2.0)
    aws-partitions (1.835.0)
    aws-sdk-core (3.185.1)
      aws-eventstream (~> 1, >= 1.0.2)
      aws-partitions (~> 1, >= 1.651.0)
      aws-sigv4 (~> 1.5)
      jmespath (~> 1, >= 1.6.1)
    aws-sdk-dynamodb (1.95.0)
      aws-sdk-core (~> 3, >= 3.184.0)
      aws-sigv4 (~> 1.1)
    aws-sigv4 (1.6.0)
      aws-eventstream (~> 1, >= 1.0.2)
    jmespath (1.6.2)

PLATFORMS
  ruby

DEPENDENCIES
  aws-sdk-dynamodb

BUNDLED WITH
   2.1.4
